PATH
  remote: .
  specs:
    another_component_gem (0.4.2)
    component_gem (0.4.2)
    rails_like_gem (0.4.2)
      another_component_gem (= 0.4.2)
      component_gem (= 0.4.2)

GEM
  remote: https://rubygems.org/
  specs:
    diff-lcs (1.3)
    rake (12.2.1)
    rspec (3.7.0)
      rspec-core (~> 3.7.0)
      rspec-expectations (~> 3.7.0)
      rspec-mocks (~> 3.7.0)
    rspec-core (3.7.0)
      rspec-support (~> 3.7.0)
    rspec-expectations (3.7.0)
      diff-lcs (>= 1.2.0, < 2.0)
      rspec-support (~> 3.7.0)
    rspec-mocks (3.7.0)
      diff-lcs (>= 1.2.0, < 2.0)
      rspec-support (~> 3.7.0)
    rspec-support (3.7.0)

PLATFORMS
  java
  ruby

DEPENDENCIES
  bundler (~> 1.15)
  rails_like_gem!
  rake (= 12.2.1)
  rspec (~> 3.0)

BUNDLED WITH
   1.16.0
