PATH
  remote: .
  specs:
    covered_trivial_gem (0.1.0)

PATH
  remote: /Users/mal/deep-cover
  specs:
    deep-cover (0.5.6)
      backports (>= 3.11.0)
      binding_of_caller
      bundler
      highline
      parser (~> 2.5.0)
      pry
      sass
      slop (~> 4.0)
      term-ansicolor
      terminal-table
      with_progress

GEM
  remote: https://rubygems.org/
  specs:
    ast (2.4.0)
    backports (3.11.3)
    binding_of_caller (0.8.0)
      debug_inspector (>= 0.0.1)
    coderay (1.1.2)
    debug_inspector (0.0.3)
    diff-lcs (1.3)
    ffi (1.9.23)
    highline (1.7.10)
    method_source (0.9.0)
    parser (2.5.1.0)
      ast (~> 2.4.0)
    pry (0.11.3)
      coderay (~> 1.1.0)
      method_source (~> 0.9.0)
    rake (12.2.1)
    rb-fsevent (0.10.3)
    rb-inotify (0.9.10)
      ffi (>= 0.5.0, < 2)
    rspec (3.7.0)
      rspec-core (~> 3.7.0)
      rspec-expectations (~> 3.7.0)
      rspec-mocks (~> 3.7.0)
    rspec-core (3.7.0)
      rspec-support (~> 3.7.0)
    rspec-expectations (3.7.0)
      diff-lcs (>= 1.2.0, < 2.0)
      rspec-support (~> 3.7.0)
    rspec-mocks (3.7.0)
      diff-lcs (>= 1.2.0, < 2.0)
      rspec-support (~> 3.7.0)
    rspec-support (3.7.0)
    ruby-progressbar (1.9.0)
    sass (3.5.6)
      sass-listen (~> 4.0.0)
    sass-listen (4.0.0)
      rb-fsevent (~> 0.9, >= 0.9.4)
      rb-inotify (~> 0.9, >= 0.9.7)
    slop (4.6.2)
    term-ansicolor (1.6.0)
      tins (~> 1.0)
    terminal-table (1.8.0)
      unicode-display_width (~> 1.1, >= 1.1.1)
    tins (1.16.3)
    unicode-display_width (1.3.3)
    with_progress (1.0.1)
      ruby-progressbar (~> 1.4)

PLATFORMS
  ruby

DEPENDENCIES
  bundler (~> 1.15)
  covered_trivial_gem!
  deep-cover!
  rake (~> 12.0)
  rspec (~> 3.0)

BUNDLED WITH
   1.16.2
